GEM
  remote: http://rubygems.org/
  specs:
    mustermann (2.0.2)
      ruby2_keywords (~> 0.0.1)
    rack (2.2.4)
    rack-protection (2.2.3)
      rack
    ruby2_keywords (0.0.5)
    sinatra (2.2.3)
      mustermann (~> 2.0)
      rack (~> 2.2)
      rack-protection (= 2.2.3)
      tilt (~> 2.0)
    tilt (2.0.11)
    tiny_tds (2.1.2)

PLATFORMS
  ruby

DEPENDENCIES
  sinatra
  tiny_tds

BUNDLED WITH
   1.17.2
