GEM
  remote: http://rubygems.org/
  specs:
    mustermann (1.0.3)
    rack (2.0.8)
    rack-protection (2.0.5)
      rack
    sinatra (2.0.5)
      mustermann (~> 1.0)
      rack (~> 2.0)
      rack-protection (= 2.0.5)
      tilt (~> 2.0)
    tilt (2.0.9)
    tiny_tds (2.1.2)

PLATFORMS
  ruby

DEPENDENCIES
  sinatra
  tiny_tds

BUNDLED WITH
   1.17.2
